GEM
  remote: http://rubygems.org/
  specs:
    fakeweb (1.3.0)
    git (1.2.5)
    hashie (0.1.8)
    httparty (0.8.1)
      multi_json
      multi_xml
    jeweler (1.5.2)
      bundler (~> 1.0.0)
      git (>= 1.2.5)
      rake
    multi_json (1.0.3)
    multi_xml (0.4.1)
    nokogiri (1.5.0)
    rake (0.9.2)

PLATFORMS
  ruby

DEPENDENCIES
  fakeweb
  hashie (~> 0.1.8)
  httparty
  jeweler (~> 1.5.0)
  nokogiri
